GEM
  remote: https://rubygems.org/
  specs:
    async (1.32.1)
      console (~> 1.10)
      nio4r (~> 2.3)
      timers (~> 4.1)
    caxlsx (4.1.0)
      htmlentities (~> 4.3, >= 4.3.4)
      marcel (~> 1.0)
      nokogiri (~> 1.10, >= 1.10.4)
      rubyzip (>= 1.3.0, < 3)
    commander (5.0.0)
      highline (~> 3.0.0)
    console (1.24.0)
      fiber-annotation
      fiber-local
      json
    domain_name (0.6.20240107)
    fiber-annotation (0.2.0)
    fiber-local (1.0.0)
    highline (3.0.1)
    htmlentities (4.3.4)
    http-accept (1.7.0)
    http-cookie (1.0.7)
      domain_name (~> 0.5)
    json (2.7.2)
    marcel (1.0.4)
    mime-types (3.5.2)
      mime-types-data (~> 3.2015)
    mime-types-data (3.2024.0903)
    netrc (0.11.0)
    nio4r (2.7.3)
    nokogiri (1.16.7-x86_64-linux)
      racc (~> 1.4)
    racc (1.8.1)
    rest-client (2.1.0)
      http-accept (>= 1.7.0, < 2.0)
      http-cookie (>= 1.0.2, < 2.0)
      mime-types (>= 1.16, < 4.0)
      netrc (~> 0.8)
    rubyXL (3.4.27)
      nokogiri (>= 1.10.8)
      rubyzip (>= 1.3.0)
    rubyzip (2.3.2)
    timers (4.3.5)

PLATFORMS
  x86_64-linux

DEPENDENCIES
  async (~> 1.32)
  caxlsx (~> 4.1)
  commander (~> 5.0)
  nokogiri (~> 1.16)
  rest-client (~> 2.1)
  rubyXL (~> 3.4)

BUNDLED WITH
   2.3.21
